GIT
  remote: https://github.com/openfootball/africa-cup.git
  revision: 85dd47e412880aeb605ae0d13c12d1e55e4a9571
  specs:
    footballdb-data-africa-cup (9.9.9)

GIT
  remote: https://github.com/openfootball/america.git
  revision: 8c9a92a1792bf187194ee94e6e52a1417002736c
  specs:
    footballdb-data-america (9.9.9)

GIT
  remote: https://github.com/openfootball/at-austria.git
  revision: ae5ca23d0708ddfc83e4eb0f1210637d43973bbb
  specs:
    footballdb-data-at (9.9.9)

GIT
  remote: https://github.com/openfootball/br-brazil.git
  revision: 9c387be48737dc5a2af0f561e1099243309b2f79
  specs:
    footballdb-data-br-brazil (9.9.9)

GIT
  remote: https://github.com/openfootball/copa-america.git
  revision: 8f74ab7b298c87fec5727cec9313d727cc689433
  specs:
    footballdb-data-copa-america (9.9.9)

GIT
  remote: https://github.com/openfootball/copa-libertadores.git
  revision: 798e7b55547c6f5e507da047401e80d9bc596a7c
  specs:
    footballdb-data-copa-libertadores (9.9.9)

GIT
  remote: https://github.com/openfootball/de-deutschland.git
  revision: 41e8e28590f679acda302d7be00e371426659f6e
  specs:
    footballdb-data-de (9.9.9)

GIT
  remote: https://github.com/openfootball/en-england.git
  revision: 54a687604394b2dc59b8b1f918596783b28ca542
  specs:
    footballdb-data-en (9.9.9)

GIT
  remote: https://github.com/openfootball/es-espana.git
  revision: 2398ecd3c62cbb60d91d37ead6985f18cb7d1be8
  specs:
    footballdb-data-es (9.9.9)

GIT
  remote: https://github.com/openfootball/euro-cup.git
  revision: e8f76f79b8d0668164235f3915a9da8cc1338cfc
  specs:
    footballdb-data-euro-cup (9.9.9)

GIT
  remote: https://github.com/openfootball/europe-champions-league.git
  revision: 31dce01dc3a653a2c24d3b617a3ce7a01e36c7ae
  specs:
    footballdb-data-europe-champions-league (9.9.9)

GIT
  remote: https://github.com/openfootball/europe.git
  revision: b7d1c9619a54c0841ad9e9df0dc7052594f468dc
  specs:
    footballdb-data-europe (9.9.9)

GIT
  remote: https://github.com/openfootball/it-italy.git
  revision: e274f55b6c4c9c6ef48083123645b752c77ed406
  specs:
    footballdb-data-it (9.9.9)

GIT
  remote: https://github.com/openfootball/mx-mexico.git
  revision: e8bd9d68ceec1e045bfecc1e621e7d652b0667f4
  specs:
    footballdb-data-mx-mexico (9.9.9)

GIT
  remote: https://github.com/openfootball/north-america-champions-league.git
  revision: 920807cc5c52b501bada982cef3a38b5d8b9c0a4
  specs:
    footballdb-data-north-america-champions-league (9.9.9)

GIT
  remote: https://github.com/openfootball/north-america-gold-cup.git
  revision: 93397dc9f0701a560add5ee4432dd91f7c31b8e8
  specs:
    footballdb-data-north-america-gold-cup (9.9.9)

GIT
  remote: https://github.com/openfootball/world-cup.git
  revision: 3b2c49c481b0c6dfce46d8ef2ea1fdb5ef636f85
  specs:
    footballdb-data-world-cup (9.9.9)

GIT
  remote: https://github.com/openfootball/world.git
  revision: 979648b43df8c5d70047c01f246b78d66ed2bc40
  specs:
    footballdb-data-world (9.9.9)

GIT
  remote: https://github.com/openmundi/world.db.git
  revision: 8d6e540afa023bf2d9f840a8f51bb5524e7aa45e
  specs:
    worlddb-data (9.9.9)

GIT
  remote: https://github.com/sportlogos/football.db.logos.ruby.git
  revision: 23b39b269966583e0b2adc6354b9c9f7bce7e4fe
  branch: gh-pages
  specs:
    footballdb-logos (0.1.0)

GIT
  remote: https://github.com/sportlogos/sport.db.logos.ruby.git
  revision: b6c0d7196ccbefb1cc248e4ed64ad54dc6aef01d
  branch: gh-pages
  specs:
    sportdb-logos (0.1.0)

PATH
  remote: ./engine
  specs:
    sportdb-admin (0.0.1)

GEM
  remote: https://rubygems.org/
  specs:
    about (0.1.0)
      logutils (>= 0.5)
      textutils (>= 0.7)
    actionmailer (3.2.12)
      actionpack (= 3.2.12)
      mail (~> 2.4.4)
    actionpack (3.2.12)
      activemodel (= 3.2.12)
      activesupport (= 3.2.12)
      builder (~> 3.0.0)
      erubis (~> 2.7.0)
      journey (~> 1.0.4)
      rack (~> 1.4.5)
      rack-cache (~> 1.2)
      rack-test (~> 0.6.1)
      sprockets (~> 2.2.1)
    activemodel (3.2.12)
      activesupport (= 3.2.12)
      builder (~> 3.0.0)
    activerecord (3.2.12)
      activemodel (= 3.2.12)
      activesupport (= 3.2.12)
      arel (~> 3.0.2)
      tzinfo (~> 0.3.29)
    activeresource (3.2.12)
      activemodel (= 3.2.12)
      activesupport (= 3.2.12)
    activesupport (3.2.12)
      i18n (~> 0.6)
      multi_json (~> 1.0)
    annotate (2.4.1.beta1)
    arel (3.0.3)
    builder (3.0.4)
    coffee-rails (3.2.2)
      coffee-script (>= 2.2.0)
      railties (~> 3.2.0)
    coffee-script (2.2.0)
      coffee-script-source
      execjs
    coffee-script-source (1.7.0)
    daemons (1.1.9)
    dbbrowser (0.1.3)
      logutils (>= 0.5)
    erubis (2.7.0)
    eventmachine (1.0.3)
    eventmachine (1.0.3-x86-mingw32)
    execjs (2.0.2)
    fetcher (0.4.3)
      logutils (>= 0.6)
    gli (2.9.0)
    hike (1.2.3)
    i18n (0.6.9)
    journey (1.0.4)
    jquery-rails (3.1.0)
      railties (>= 3.0, < 5.0)
      thor (>= 0.14, < 2.0)
    json (1.8.1)
    logutils (0.6.0)
    mail (2.4.4)
      i18n (>= 0.4.0)
      mime-types (~> 1.16)
      treetop (~> 1.4.8)
    mime-types (1.25.1)
    multi_json (1.9.2)
    pg (0.17.1)
    pg (0.17.1-x86-mingw32)
    polyglot (0.3.4)
    props (1.1.1)
    rack (1.4.5)
    rack-cache (1.2)
      rack (>= 0.4)
    rack-protection (1.5.2)
      rack
    rack-ssl (1.3.4)
      rack
    rack-test (0.6.2)
      rack (>= 1.0)
    rails (3.2.12)
      actionmailer (= 3.2.12)
      actionpack (= 3.2.12)
      activerecord (= 3.2.12)
      activeresource (= 3.2.12)
      activesupport (= 3.2.12)
      bundler (~> 1.0)
      railties (= 3.2.12)
    railties (3.2.12)
      actionpack (= 3.2.12)
      activesupport (= 3.2.12)
      rack-ssl (~> 1.3.2)
      rake (>= 0.8.7)
      rdoc (~> 3.4)
      thor (>= 0.14.6, < 2.0)
    rake (10.2.2)
    rdoc (3.12.2)
      json (~> 1.4)
    sass (3.3.4)
    sass-rails (3.2.6)
      railties (~> 3.2.0)
      sass (>= 3.1.10)
      tilt (~> 1.3)
    sinatra (1.4.4)
      rack (~> 1.4)
      rack-protection (~> 1.4)
      tilt (~> 1.3, >= 1.3.4)
    sportdb (1.8.9)
      activerecord
      fetcher (>= 0.3)
      gli (>= 2.5.6)
      logutils
      props
      tagutils
      textutils
      worlddb (>= 2.0.2)
    sportdb-market (0.5.1)
    sprockets (2.2.2)
      hike (~> 1.2)
      multi_json (~> 1.0)
      rack (~> 1.0)
      tilt (~> 1.1, != 1.3.0)
    sqlite3 (1.3.9)
    sqlite3 (1.3.9-x86-mingw32)
    tagutils (0.2.1)
      activerecord
      logutils (>= 0.6)
    textutils (0.9.4)
      activesupport
      logutils (~> 0.5)
      props
    thin (1.6.2)
      daemons (>= 1.0.9)
      eventmachine (>= 1.0.0)
      rack (>= 1.0.0)
    thor (0.19.1)
    tilt (1.4.1)
    treetop (1.4.15)
      polyglot
      polyglot (>= 0.3.1)
    tzinfo (0.3.39)
    uglifier (2.5.0)
      execjs (>= 0.3.0)
      json (>= 1.8.0)
    worlddb (2.0.3)
      activerecord
      gli (>= 2.9)
      logutils
      props
      tagutils
      textutils (>= 0.9.4)
    worlddb-flags (0.1.0)

PLATFORMS
  ruby
  x86-mingw32

DEPENDENCIES
  about
  annotate (~> 2.4.1.beta)
  coffee-rails (~> 3.2.1)
  dbbrowser
  footballdb-data-africa-cup (= 9.9.9)!
  footballdb-data-america (= 9.9.9)!
  footballdb-data-at (= 9.9.9)!
  footballdb-data-br-brazil (= 9.9.9)!
  footballdb-data-copa-america (= 9.9.9)!
  footballdb-data-copa-libertadores (= 9.9.9)!
  footballdb-data-de (= 9.9.9)!
  footballdb-data-en (= 9.9.9)!
  footballdb-data-es (= 9.9.9)!
  footballdb-data-euro-cup (= 9.9.9)!
  footballdb-data-europe (= 9.9.9)!
  footballdb-data-europe-champions-league (= 9.9.9)!
  footballdb-data-it (= 9.9.9)!
  footballdb-data-mx-mexico (= 9.9.9)!
  footballdb-data-north-america-champions-league (= 9.9.9)!
  footballdb-data-north-america-gold-cup (= 9.9.9)!
  footballdb-data-world (= 9.9.9)!
  footballdb-data-world-cup (= 9.9.9)!
  footballdb-logos (= 0.1.0)!
  jquery-rails
  logutils
  pg
  rails (= 3.2.12)
  sass-rails (~> 3.2.3)
  sinatra
  sportdb (= 1.8.9)
  sportdb-admin (= 0.0.1)!
  sportdb-logos (= 0.1.0)!
  sportdb-market (= 0.5.1)
  sqlite3
  thin
  uglifier (>= 1.0.3)
  worlddb (= 2.0.3)
  worlddb-data (= 9.9.9)!
  worlddb-flags (= 0.1.0)
