GIT
  remote: https://github.com/openbookie/football.db.market.git
  revision: e152d978ac6b0e03ec033bcc22a83ab18b281cb7
  specs:
    footballdb-data-market (9.9.9)

GIT
  remote: https://github.com/openfootball/at-austria.git
  revision: 4f88b83a11f7d91dceea681174976dd116e21c97
  specs:
    footballdb-data-at (9.9.9)

GIT
  remote: https://github.com/openfootball/de-deutschland.git
  revision: 745d67515d79d52772ab9711ee10a10607f3bbf3
  specs:
    footballdb-data-de (9.9.9)

GIT
  remote: https://github.com/openfootball/en-england.git
  revision: 7ebc587a1b0ede7b61a1e8102db38beb46acb0e3
  specs:
    footballdb-data-en (9.9.9)

GIT
  remote: https://github.com/openfootball/es-espana.git
  revision: 2353a1233aa4ee51fbd18b1109f1fadf4dc8f99d
  specs:
    footballdb-data-es (9.9.9)

GIT
  remote: https://github.com/openfootball/euro-cup.git
  revision: 0e8241ce4e2ffcbca3ea4fd57310d3f611e6b494
  specs:
    footballdb-data-euro-cup (9.9.9)

GIT
  remote: https://github.com/openfootball/europe.git
  revision: a5a582a6a090035660666951d0de75de9435bb83
  specs:
    footballdb-data-europe (9.9.9)

GIT
  remote: https://github.com/openfootball/it-italy.git
  revision: 7329e06e1500a7021bc14d51e7748431343c5886
  specs:
    footballdb-data-it (9.9.9)

GIT
  remote: https://github.com/openfootball/world-cup.git
  revision: 83c92d4f5f61ee0e96d681d8f9a145d679880719
  specs:
    footballdb-data-world-cup (9.9.9)

GIT
  remote: https://github.com/openmundi/world.db.git
  revision: d11d8ce0b32185882f8744cac081b444edd626ff
  specs:
    worlddb-data (9.9.9)

GIT
  remote: https://github.com/sportlogos/football.db.logos.ruby.git
  revision: d850fddfc09ca7c61aa2844b961bbca8e0c6c718
  specs:
    footballdb-logos (0.1.0)

GIT
  remote: https://github.com/sportlogos/sport.db.logos.ruby.git
  revision: 9ec090009312cc8c4a575c9350532a59e1435a24
  specs:
    sportdb-logos (0.1.0)

PATH
  remote: ./engine
  specs:
    sportdb-admin (0.0.1)

GEM
  remote: https://rubygems.org/
  specs:
    about (0.1.0)
      logutils (>= 0.5)
      textutils (>= 0.7)
    actionmailer (3.2.12)
      actionpack (= 3.2.12)
      mail (~> 2.4.4)
    actionpack (3.2.12)
      activemodel (= 3.2.12)
      activesupport (= 3.2.12)
      builder (~> 3.0.0)
      erubis (~> 2.7.0)
      journey (~> 1.0.4)
      rack (~> 1.4.5)
      rack-cache (~> 1.2)
      rack-test (~> 0.6.1)
      sprockets (~> 2.2.1)
    activemodel (3.2.12)
      activesupport (= 3.2.12)
      builder (~> 3.0.0)
    activerecord (3.2.12)
      activemodel (= 3.2.12)
      activesupport (= 3.2.12)
      arel (~> 3.0.2)
      tzinfo (~> 0.3.29)
    activeresource (3.2.12)
      activemodel (= 3.2.12)
      activesupport (= 3.2.12)
    activesupport (3.2.12)
      i18n (~> 0.6)
      multi_json (~> 1.0)
    annotate (2.4.1.beta1)
    arel (3.0.2)
    builder (3.0.4)
    coffee-rails (3.2.2)
      coffee-script (>= 2.2.0)
      railties (~> 3.2.0)
    coffee-script (2.2.0)
      coffee-script-source
      execjs
    coffee-script-source (1.6.3)
    commander (4.1.5)
      highline (~> 1.6.11)
    daemons (1.1.9)
    dbbrowser (0.1.0)
      logutils (>= 0.5)
    erubis (2.7.0)
    eventmachine (1.0.3)
    eventmachine (1.0.3-x86-mingw32)
    execjs (2.0.2)
    fetcher (0.4.1)
      logutils (>= 0.6)
    gli (2.8.1)
    highline (1.6.20)
    hike (1.2.3)
    i18n (0.6.5)
    journey (1.0.4)
    jquery-rails (3.0.4)
      railties (>= 3.0, < 5.0)
      thor (>= 0.14, < 2.0)
    json (1.8.1)
    logutils (0.6.0)
    mail (2.4.4)
      i18n (>= 0.4.0)
      mime-types (~> 1.16)
      treetop (~> 1.4.8)
    mime-types (1.25)
    multi_json (1.8.2)
    pg (0.17.0)
    pg (0.17.0-x86-mingw32)
    polyglot (0.3.3)
    rack (1.4.5)
    rack-cache (1.2)
      rack (>= 0.4)
    rack-protection (1.5.0)
      rack
    rack-ssl (1.3.3)
      rack
    rack-test (0.6.2)
      rack (>= 1.0)
    rails (3.2.12)
      actionmailer (= 3.2.12)
      actionpack (= 3.2.12)
      activerecord (= 3.2.12)
      activeresource (= 3.2.12)
      activesupport (= 3.2.12)
      bundler (~> 1.0)
      railties (= 3.2.12)
    railties (3.2.12)
      actionpack (= 3.2.12)
      activesupport (= 3.2.12)
      rack-ssl (~> 1.3.2)
      rake (>= 0.8.7)
      rdoc (~> 3.4)
      thor (>= 0.14.6, < 2.0)
    rake (10.1.0)
    rdoc (3.12.2)
      json (~> 1.4)
    sass (3.2.12)
    sass-rails (3.2.6)
      railties (~> 3.2.0)
      sass (>= 3.1.10)
      tilt (~> 1.3)
    sinatra (1.4.3)
      rack (~> 1.4)
      rack-protection (~> 1.4)
      tilt (~> 1.3, >= 1.3.4)
    sportdb (1.7.5)
      fetcher (>= 0.3)
      gli (>= 2.5.6)
      worlddb (>= 1.7)
    sportdb-market (0.5.0)
    sprockets (2.2.2)
      hike (~> 1.2)
      multi_json (~> 1.0)
      rack (~> 1.0)
      tilt (~> 1.1, != 1.3.0)
    sqlite3 (1.3.8)
    sqlite3 (1.3.8-x86-mingw32)
    textutils (0.7.0)
      logutils (~> 0.5)
    thin (1.5.1)
      daemons (>= 1.0.9)
      eventmachine (>= 0.12.6)
      rack (>= 1.0.0)
    thor (0.18.1)
    tilt (1.4.1)
    treetop (1.4.15)
      polyglot
      polyglot (>= 0.3.1)
    tzinfo (0.3.38)
    uglifier (2.2.1)
      execjs (>= 0.3.0)
      multi_json (~> 1.0, >= 1.0.2)
    worlddb (1.7.2)
      activerecord (~> 3.2)
      commander (~> 4.1.3)
      textutils (~> 0.6)
    worlddb-flags (0.1.0)

PLATFORMS
  ruby
  x86-mingw32

DEPENDENCIES
  about
  annotate (~> 2.4.1.beta)
  coffee-rails (~> 3.2.1)
  dbbrowser
  footballdb-data-at (= 9.9.9)!
  footballdb-data-de (= 9.9.9)!
  footballdb-data-en (= 9.9.9)!
  footballdb-data-es (= 9.9.9)!
  footballdb-data-euro-cup (= 9.9.9)!
  footballdb-data-europe (= 9.9.9)!
  footballdb-data-it (= 9.9.9)!
  footballdb-data-market (= 9.9.9)!
  footballdb-data-world-cup (= 9.9.9)!
  footballdb-logos (= 0.1.0)!
  jquery-rails
  logutils (= 0.6.0)
  pg
  rails (= 3.2.12)
  sass-rails (~> 3.2.3)
  sinatra
  sportdb (= 1.7.5)
  sportdb-admin (= 0.0.1)!
  sportdb-logos (= 0.1.0)!
  sportdb-market (= 0.5.0)
  sqlite3
  thin
  uglifier (>= 1.0.3)
  worlddb (= 1.7.2)
  worlddb-data (= 9.9.9)!
  worlddb-flags (= 0.1.0)
