GIT
  remote: https://github.com/openfootball/africa-cup.git
  revision: 85dd47e412880aeb605ae0d13c12d1e55e4a9571
  specs:
    footballdb-data-africa-cup (9.9.9)

GIT
  remote: https://github.com/openfootball/america-cup.git
  revision: 6958a8fbd7b64a8afcc7816ae3447a35daaf1790
  specs:
    footballdb-data-amercia-cup (9.9.9)

GIT
  remote: https://github.com/openfootball/at-austria.git
  revision: 411882f80fda0f65f410b4b51191bea10ef5ff9a
  specs:
    footballdb-data-at (9.9.9)

GIT
  remote: https://github.com/openfootball/de-deutschland.git
  revision: c37adfca96a63d34c92842e77ec540821d2ffab1
  specs:
    footballdb-data-de (9.9.9)

GIT
  remote: https://github.com/openfootball/en-england.git
  revision: a2ee999fa63b40840dc51db5e0690a4394f27636
  specs:
    footballdb-data-en (9.9.9)

GIT
  remote: https://github.com/openfootball/es-espana.git
  revision: 320690e9f2d090a3388ac32701b48350436be06f
  specs:
    footballdb-data-es (9.9.9)

GIT
  remote: https://github.com/openfootball/euro-cup.git
  revision: 017b257f59c506dbe03afedf391480a9c08c1fb9
  specs:
    footballdb-data-euro-cup (9.9.9)

GIT
  remote: https://github.com/openfootball/europe-champions-league.git
  revision: 51f4234c4d9200740aa145beefec416d7d439b39
  specs:
    footballdb-data-europe-champions-league (9.9.9)

GIT
  remote: https://github.com/openfootball/europe.git
  revision: b7d1c9619a54c0841ad9e9df0dc7052594f468dc
  specs:
    footballdb-data-europe (9.9.9)

GIT
  remote: https://github.com/openfootball/it-italy.git
  revision: 0e210b3b7ac2e27884fab2985e052938a493d2d9
  specs:
    footballdb-data-it (9.9.9)

GIT
  remote: https://github.com/openfootball/world-cup.git
  revision: a9d38a9db5ac436b29ea31ada6156a5324a15c31
  specs:
    footballdb-data-world-cup (9.9.9)

GIT
  remote: https://github.com/openmundi/world.db.git
  revision: 664b7db885fa41c5880cb428c0f8f73a318da785
  specs:
    worlddb-data (9.9.9)

GIT
  remote: https://github.com/sportlogos/football.db.logos.ruby.git
  revision: d850fddfc09ca7c61aa2844b961bbca8e0c6c718
  specs:
    footballdb-logos (0.1.0)

GIT
  remote: https://github.com/sportlogos/sport.db.logos.ruby.git
  revision: 9ec090009312cc8c4a575c9350532a59e1435a24
  specs:
    sportdb-logos (0.1.0)

PATH
  remote: ./engine
  specs:
    sportdb-admin (0.0.1)

GEM
  remote: https://rubygems.org/
  specs:
    about (0.1.0)
      logutils (>= 0.5)
      textutils (>= 0.7)
    actionmailer (3.2.12)
      actionpack (= 3.2.12)
      mail (~> 2.4.4)
    actionpack (3.2.12)
      activemodel (= 3.2.12)
      activesupport (= 3.2.12)
      builder (~> 3.0.0)
      erubis (~> 2.7.0)
      journey (~> 1.0.4)
      rack (~> 1.4.5)
      rack-cache (~> 1.2)
      rack-test (~> 0.6.1)
      sprockets (~> 2.2.1)
    activemodel (3.2.12)
      activesupport (= 3.2.12)
      builder (~> 3.0.0)
    activerecord (3.2.12)
      activemodel (= 3.2.12)
      activesupport (= 3.2.12)
      arel (~> 3.0.2)
      tzinfo (~> 0.3.29)
    activeresource (3.2.12)
      activemodel (= 3.2.12)
      activesupport (= 3.2.12)
    activesupport (3.2.12)
      i18n (~> 0.6)
      multi_json (~> 1.0)
    annotate (2.4.1.beta1)
    arel (3.0.3)
    builder (3.0.4)
    coffee-rails (3.2.2)
      coffee-script (>= 2.2.0)
      railties (~> 3.2.0)
    coffee-script (2.2.0)
      coffee-script-source
      execjs
    coffee-script-source (1.6.3)
    commander (4.1.5)
      highline (~> 1.6.11)
    daemons (1.1.9)
    dbbrowser (0.1.3)
      logutils (>= 0.5)
    erubis (2.7.0)
    eventmachine (1.0.3)
    eventmachine (1.0.3-x86-mingw32)
    execjs (2.0.2)
    fetcher (0.4.2)
      logutils (>= 0.6)
    gli (2.8.1)
    highline (1.6.20)
    hike (1.2.3)
    i18n (0.6.9)
    journey (1.0.4)
    jquery-rails (3.0.4)
      railties (>= 3.0, < 5.0)
      thor (>= 0.14, < 2.0)
    json (1.8.1)
    logutils (0.6.0)
    mail (2.4.4)
      i18n (>= 0.4.0)
      mime-types (~> 1.16)
      treetop (~> 1.4.8)
    mime-types (1.25.1)
    multi_json (1.8.2)
    pg (0.17.1)
    pg (0.17.1-x86-mingw32)
    polyglot (0.3.3)
    rack (1.4.5)
    rack-cache (1.2)
      rack (>= 0.4)
    rack-protection (1.5.1)
      rack
    rack-ssl (1.3.3)
      rack
    rack-test (0.6.2)
      rack (>= 1.0)
    rails (3.2.12)
      actionmailer (= 3.2.12)
      actionpack (= 3.2.12)
      activerecord (= 3.2.12)
      activeresource (= 3.2.12)
      activesupport (= 3.2.12)
      bundler (~> 1.0)
      railties (= 3.2.12)
    railties (3.2.12)
      actionpack (= 3.2.12)
      activesupport (= 3.2.12)
      rack-ssl (~> 1.3.2)
      rake (>= 0.8.7)
      rdoc (~> 3.4)
      thor (>= 0.14.6, < 2.0)
    rake (10.1.1)
    rdoc (3.12.2)
      json (~> 1.4)
    sass (3.2.13)
    sass-rails (3.2.6)
      railties (~> 3.2.0)
      sass (>= 3.1.10)
      tilt (~> 1.3)
    sinatra (1.4.4)
      rack (~> 1.4)
      rack-protection (~> 1.4)
      tilt (~> 1.3, >= 1.3.4)
    sportdb (1.7.9)
      fetcher (>= 0.3)
      gli (>= 2.5.6)
      worlddb (>= 1.7)
    sportdb-market (0.5.0)
    sprockets (2.2.2)
      hike (~> 1.2)
      multi_json (~> 1.0)
      rack (~> 1.0)
      tilt (~> 1.1, != 1.3.0)
    sqlite3 (1.3.8)
    sqlite3 (1.3.8-x86-mingw32)
    textutils (0.7.0)
      logutils (~> 0.5)
    thin (1.6.1)
      daemons (>= 1.0.9)
      eventmachine (>= 1.0.0)
      rack (>= 1.0.0)
    thor (0.18.1)
    tilt (1.4.1)
    treetop (1.4.15)
      polyglot
      polyglot (>= 0.3.1)
    tzinfo (0.3.38)
    uglifier (2.4.0)
      execjs (>= 0.3.0)
      json (>= 1.8.0)
    worlddb (1.7.2)
      activerecord (~> 3.2)
      commander (~> 4.1.3)
      textutils (~> 0.6)
    worlddb-flags (0.1.0)

PLATFORMS
  ruby
  x86-mingw32

DEPENDENCIES
  about
  annotate (~> 2.4.1.beta)
  coffee-rails (~> 3.2.1)
  dbbrowser
  footballdb-data-africa-cup (= 9.9.9)!
  footballdb-data-amercia-cup (= 9.9.9)!
  footballdb-data-at (= 9.9.9)!
  footballdb-data-de (= 9.9.9)!
  footballdb-data-en (= 9.9.9)!
  footballdb-data-es (= 9.9.9)!
  footballdb-data-euro-cup (= 9.9.9)!
  footballdb-data-europe (= 9.9.9)!
  footballdb-data-europe-champions-league (= 9.9.9)!
  footballdb-data-it (= 9.9.9)!
  footballdb-data-world-cup (= 9.9.9)!
  footballdb-logos (= 0.1.0)!
  jquery-rails
  logutils (= 0.6.0)
  pg
  rails (= 3.2.12)
  sass-rails (~> 3.2.3)
  sinatra
  sportdb (= 1.7.9)
  sportdb-admin (= 0.0.1)!
  sportdb-logos (= 0.1.0)!
  sportdb-market (= 0.5.0)
  sqlite3
  thin
  uglifier (>= 1.0.3)
  worlddb (= 1.7.2)
  worlddb-data (= 9.9.9)!
  worlddb-flags (= 0.1.0)
