GIT
  remote: https://github.com/geraldb/world.db.git
  revision: a81caaf4f8326d74e3c04e0c2607f797b9ed6f88
  specs:
    worlddb-data (9.9.9)

GIT
  remote: https://github.com/openfootball/at-austria.git
  revision: ffada47c017d48e16e51fc1445cefc6cf56fe61e
  specs:
    footballdb-data-at (9.9.9)

GIT
  remote: https://github.com/openfootball/de-deutschland.git
  revision: 91b673aee1e15ad1d4bb026ef8ca5ad5e10a83d3
  specs:
    footballdb-data-de (9.9.9)

GIT
  remote: https://github.com/openfootball/en-england.git
  revision: 869b9e3687bdfe3f3b06f02f392df7c56393fcf8
  specs:
    footballdb-data-en (9.9.9)

GIT
  remote: https://github.com/openfootball/es-espana.git
  revision: 7dd59bc345373a11eff2533c30780fecd07067ca
  specs:
    footballdb-data-es (9.9.9)

GIT
  remote: https://github.com/openfootball/euro-cup.git
  revision: 0e8241ce4e2ffcbca3ea4fd57310d3f611e6b494
  specs:
    footballdb-data-euro-cup (9.9.9)

GIT
  remote: https://github.com/openfootball/europe.git
  revision: 1756bab321294aaaca1fa69db982b6fb675791fb
  specs:
    footballdb-data-europe (9.9.9)

GIT
  remote: https://github.com/openfootball/world-cup.git
  revision: 3370fc88825888f9ca25ac5897f4f63cbc6ebb6a
  specs:
    footballdb-data-world-cup (9.9.9)

GEM
  remote: https://rubygems.org/
  specs:
    actionmailer (3.2.12)
      actionpack (= 3.2.12)
      mail (~> 2.4.4)
    actionpack (3.2.12)
      activemodel (= 3.2.12)
      activesupport (= 3.2.12)
      builder (~> 3.0.0)
      erubis (~> 2.7.0)
      journey (~> 1.0.4)
      rack (~> 1.4.5)
      rack-cache (~> 1.2)
      rack-test (~> 0.6.1)
      sprockets (~> 2.2.1)
    activemodel (3.2.12)
      activesupport (= 3.2.12)
      builder (~> 3.0.0)
    activerecord (3.2.12)
      activemodel (= 3.2.12)
      activesupport (= 3.2.12)
      arel (~> 3.0.2)
      tzinfo (~> 0.3.29)
    activeresource (3.2.12)
      activemodel (= 3.2.12)
      activesupport (= 3.2.12)
    activesupport (3.2.12)
      i18n (~> 0.6)
      multi_json (~> 1.0)
    annotate (2.4.1.beta1)
    arel (3.0.2)
    builder (3.0.4)
    coffee-rails (3.2.2)
      coffee-script (>= 2.2.0)
      railties (~> 3.2.0)
    coffee-script (2.2.0)
      coffee-script-source
      execjs
    coffee-script-source (1.6.3)
    commander (4.1.5)
      highline (~> 1.6.11)
    daemons (1.1.9)
    erubis (2.7.0)
    eventmachine (1.0.3-x86-mingw32)
    execjs (1.4.0)
      multi_json (~> 1.0)
    gli (2.7.0)
    highline (1.6.19)
    hike (1.2.3)
    i18n (0.6.5)
    journey (1.0.4)
    jquery-rails (3.0.4)
      railties (>= 3.0, < 5.0)
      thor (>= 0.14, < 2.0)
    json (1.8.0)
    logutils (0.6.0)
    mail (2.4.4)
      i18n (>= 0.4.0)
      mime-types (~> 1.16)
      treetop (~> 1.4.8)
    mime-types (1.24)
    multi_json (1.7.9)
    pg (0.16.0-x86-mingw32)
    polyglot (0.3.3)
    rack (1.4.5)
    rack-cache (1.2)
      rack (>= 0.4)
    rack-protection (1.5.0)
      rack
    rack-ssl (1.3.3)
      rack
    rack-test (0.6.2)
      rack (>= 1.0)
    rails (3.2.12)
      actionmailer (= 3.2.12)
      actionpack (= 3.2.12)
      activerecord (= 3.2.12)
      activeresource (= 3.2.12)
      activesupport (= 3.2.12)
      bundler (~> 1.0)
      railties (= 3.2.12)
    railties (3.2.12)
      actionpack (= 3.2.12)
      activesupport (= 3.2.12)
      rack-ssl (~> 1.3.2)
      rake (>= 0.8.7)
      rdoc (~> 3.4)
      thor (>= 0.14.6, < 2.0)
    rake (10.1.0)
    rdoc (3.12.2)
      json (~> 1.4)
    sass (3.2.10)
    sass-rails (3.2.6)
      railties (~> 3.2.0)
      sass (>= 3.1.10)
      tilt (~> 1.3)
    sinatra (1.3.6)
      rack (~> 1.4)
      rack-protection (~> 1.3)
      tilt (~> 1.3, >= 1.3.3)
    sportdb (1.7.0)
      gli (>= 2.5.6)
      worlddb (~> 1.7)
    sportdb-service (0.3.1)
      sinatra (~> 1.3.5)
    sprockets (2.2.2)
      hike (~> 1.2)
      multi_json (~> 1.0)
      rack (~> 1.0)
      tilt (~> 1.1, != 1.3.0)
    sqlite3 (1.3.7-x86-mingw32)
    textutils (0.6.6)
      logutils (~> 0.5)
    thin (1.5.1)
      daemons (>= 1.0.9)
      eventmachine (>= 0.12.6)
      rack (>= 1.0.0)
    thor (0.18.1)
    tilt (1.4.1)
    treetop (1.4.14)
      polyglot
      polyglot (>= 0.3.1)
    tzinfo (0.3.37)
    uglifier (2.1.2)
      execjs (>= 0.3.0)
      multi_json (~> 1.0, >= 1.0.2)
    worlddb (1.7.2)
      activerecord (~> 3.2)
      commander (~> 4.1.3)
      textutils (~> 0.6)
    worlddb-flags (0.1.0)

PLATFORMS
  x86-mingw32

DEPENDENCIES
  annotate (~> 2.4.1.beta)
  coffee-rails (~> 3.2.1)
  footballdb-data-at (= 9.9.9)!
  footballdb-data-de (= 9.9.9)!
  footballdb-data-en (= 9.9.9)!
  footballdb-data-es (= 9.9.9)!
  footballdb-data-euro-cup (= 9.9.9)!
  footballdb-data-europe (= 9.9.9)!
  footballdb-data-world-cup (= 9.9.9)!
  jquery-rails
  logutils (= 0.6.0)
  pg
  rails (= 3.2.12)
  sass-rails (~> 3.2.3)
  sinatra
  sportdb (= 1.7.0)
  sportdb-service (= 0.3.1)
  sqlite3
  thin
  uglifier (>= 1.0.3)
  worlddb (= 1.7.2)
  worlddb-data (= 9.9.9)!
  worlddb-flags (= 0.1.0)
